GEM
  remote: http://rubygems.org/
  specs:
    RedCloth (4.2.9)
    aws-sdk (1.8.5)
      json (~> 1.4)
      nokogiri (>= 1.4.4)
      uuidtools (~> 2.1)
    classifier (1.3.3)
      fast-stemmer (>= 1.0.0)
    colorator (0.1)
    colored (1.2)
    commander (4.1.3)
      highline (~> 1.6.11)
    configure-s3-website (1.2.0)
    directory_watcher (1.4.1)
    erubis (2.7.0)
    fast-stemmer (1.0.2)
    filey-diff (1.1.0)
    highline (1.6.18)
    jekyll (1.0.1)
      classifier (~> 1.3)
      colorator (~> 0.1)
      commander (~> 4.1.3)
      directory_watcher (~> 1.4.1)
      kramdown (~> 0.14)
      liquid (~> 2.3)
      maruku (~> 0.5)
      pygments.rb (~> 0.4.2)
      safe_yaml (~> 0.7.0)
    jekyll-s3 (2.6.0)
      aws-sdk (~> 1.8.5)
      configure-s3-website (~> 1)
      erubis (~> 2.7.0)
      filey-diff (~> 1)
      mime-types (= 1.19)
      simple-cloudfront-invalidator (~> 1)
    json (1.7.7)
    kramdown (0.14.2)
    liquid (2.5.0)
    maruku (0.6.1)
      syntax (>= 1.0.0)
    mime-types (1.19)
    nokogiri (1.5.9)
    posix-spawn (0.3.6)
    pygments.rb (0.4.2)
      posix-spawn (~> 0.3.6)
      yajl-ruby (~> 1.1.0)
    safe_yaml (0.7.1)
    simple-cloudfront-invalidator (1.0.0)
      colored (= 1.2)
    syntax (1.0.0)
    uuidtools (2.1.4)
    yajl-ruby (1.1.0)

PLATFORMS
  ruby

DEPENDENCIES
  RedCloth
  jekyll
  jekyll-s3
